GEM
  remote: http://rubygems.org/
  specs:
    archive-tar-minitar (0.5.2)
    diff-lcs (1.1.3)
    linecache19 (0.5.13)
      ruby_core_source (>= 0.1.4)
    rspec (2.10.0)
      rspec-core (~> 2.10.0)
      rspec-expectations (~> 2.10.0)
      rspec-mocks (~> 2.10.0)
    rspec-core (2.10.1)
    rspec-expectations (2.10.0)
      diff-lcs (~> 1.1.3)
    rspec-mocks (2.10.1)
    ruby_core_source (0.1.5)
      archive-tar-minitar (>= 0.5.2)

PLATFORMS
  ruby

DEPENDENCIES
  linecache19 (= 0.5.13)
  rspec (= 2.10.0)
